GEM
  remote: https://rubygems.org/
  specs:
    rack (1.6.10)
    rack-protection (1.5.5)
      rack
    redis (3.0.7)
    sinatra (1.4.5)
      rack (~> 1.4)
      rack-protection (~> 1.4)
      tilt (~> 1.3, >= 1.3.4)
    tilt (1.4.1)

PLATFORMS
  ruby

DEPENDENCIES
  redis
  sinatra

BUNDLED WITH
   1.11.2
